GEM
  remote: https://rubygems.org/
  specs:
    jwt (2.2.1)

PLATFORMS
  ruby

DEPENDENCIES
  jwt

BUNDLED WITH
   1.17.2
